PATH
  remote: .
  specs:
    base_jump (0.0.1)

GEM
  remote: https://www.rubygems.org/
  specs:
    cane (2.6.2)
      parallel
    diff-lcs (1.2.5)
    gems (0.8.3)
    parallel (1.4.1)
    rake_tasks (4.1.0)
    rspec (3.2.0)
      rspec-core (~> 3.2.0)
      rspec-expectations (~> 3.2.0)
      rspec-mocks (~> 3.2.0)
    rspec-core (3.2.3)
      rspec-support (~> 3.2.0)
    rspec-expectations (3.2.1)
      diff-lcs (>= 1.2.0, < 2.0)
      rspec-support (~> 3.2.0)
    rspec-mocks (3.2.1)
      diff-lcs (>= 1.2.0, < 2.0)
      rspec-support (~> 3.2.0)
    rspec-support (3.2.2)

PLATFORMS
  ruby

DEPENDENCIES
  base_jump!
  cane
  gems
  rake_tasks
  rspec
