PATH
  remote: .
  specs:
    base_jump (0.0.1)
      colorize

GEM
  remote: https://www.rubygems.org/
  specs:
    cane (3.0.0)
      parallel
    colorize (0.8.1)
    diff-lcs (1.2.5)
    gems (0.8.3)
    parallel (1.9.0)
    rake (11.2.2)
    rake_tasks (4.1.0)
    rspec (3.5.0)
      rspec-core (~> 3.5.0)
      rspec-expectations (~> 3.5.0)
      rspec-mocks (~> 3.5.0)
    rspec-core (3.5.2)
      rspec-support (~> 3.5.0)
    rspec-expectations (3.5.0)
      diff-lcs (>= 1.2.0, < 2.0)
      rspec-support (~> 3.5.0)
    rspec-mocks (3.5.0)
      diff-lcs (>= 1.2.0, < 2.0)
      rspec-support (~> 3.5.0)
    rspec-support (3.5.0)

PLATFORMS
  ruby

DEPENDENCIES
  base_jump!
  cane
  gems
  rake
  rake_tasks
  rspec

BUNDLED WITH
   1.12.5
