PATH
  remote: .
  specs:
    base_jump (0.0.1)
      colorize

GEM
  remote: https://www.rubygems.org/
  specs:
    cane (2.6.2)
      parallel
    colorize (0.7.7)
    diff-lcs (1.2.5)
    gems (0.8.3)
    parallel (1.6.1)
    rake (10.4.2)
    rake_tasks (4.1.0)
    rspec (3.3.0)
      rspec-core (~> 3.3.0)
      rspec-expectations (~> 3.3.0)
      rspec-mocks (~> 3.3.0)
    rspec-core (3.3.2)
      rspec-support (~> 3.3.0)
    rspec-expectations (3.3.1)
      diff-lcs (>= 1.2.0, < 2.0)
      rspec-support (~> 3.3.0)
    rspec-mocks (3.3.2)
      diff-lcs (>= 1.2.0, < 2.0)
      rspec-support (~> 3.3.0)
    rspec-support (3.3.0)

PLATFORMS
  ruby

DEPENDENCIES
  base_jump!
  cane
  gems
  rake
  rake_tasks
  rspec

BUNDLED WITH
   1.10.6
