PATH
  remote: .
  specs:
    base_jump (0.0.1)

GEM
  remote: https://www.rubygems.org/
  specs:
    cane (2.6.2)
      parallel
    gems (0.8.3)
    parallel (1.4.1)
    rake_tasks (4.1.0)

PLATFORMS
  ruby

DEPENDENCIES
  base_jump!
  cane
  gems
  rake_tasks
